PATH
  remote: .
  specs:
    display_content (0.1.0)

GEM
  remote: https://rubygems.org/
  specs:
    erb (2.2.0)
    minitest (5.14.2)
    rake (12.3.3)

PLATFORMS
  ruby

DEPENDENCIES
  display_content!
  erb
  minitest (~> 5.0)
  rake (~> 12.0)

BUNDLED WITH
   2.1.4
